GEM
  remote: https://rubygems.org/
  specs:
    activesupport (5.1.4)
      concurrent-ruby (~> 1.0, >= 1.0.2)
      i18n (~> 0.7)
      minitest (~> 5.1)
      tzinfo (~> 1.1)
    airbrussh (1.3.0)
      sshkit (>= 1.6.1, != 1.7.0)
    capistrano (3.9.1)
      airbrussh (>= 1.0.0)
      i18n
      rake (>= 10.0.0)
      sshkit (>= 1.9.0)
    capistrano-bundler (1.2.0)
      capistrano (~> 3.1)
      sshkit (~> 1.2)
    capistrano-pumactl (0.0.1)
      capistrano (~> 3.1)
    capose (0.2.0)
      capistrano (~> 3.7)
    concurrent-ruby (1.0.5)
    config (1.4.0)
      activesupport (>= 3.0)
      deep_merge (~> 1.1.1)
    deep_merge (1.1.1)
    i18n (0.8.6)
    influxdb (0.4.1)
    logutils (0.6.1)
    minitest (5.10.3)
    mustermann (1.0.1)
    net-scp (1.2.1)
      net-ssh (>= 2.6.5)
    net-ssh (4.2.0)
    puma (3.10.0)
    rack (2.0.3)
    rake (12.1.0)
    sshkit (1.14.0)
      net-scp (>= 1.1.2)
      net-ssh (>= 2.8.0)
    thread_safe (0.3.6)
    tzinfo (1.2.3)
      thread_safe (~> 0.1)
    webservice (0.7.0)
      logutils
      mustermann (>= 1.0.0)
      rack (>= 2.0.3)

PLATFORMS
  ruby

DEPENDENCIES
  capistrano
  capistrano-bundler
  capistrano-pumactl
  capose
  config
  influxdb
  puma
  webservice

BUNDLED WITH
   1.15.4
